GEM
  remote: https://rubygems.org/
  specs:
    concurrent-ruby (1.1.10)
    i18n (1.12.0)
      concurrent-ruby (~> 1.0)
    money (6.16.0)
      i18n (>= 0.6.4, <= 2)
    power_assert (2.0.1)
    test-unit (3.5.3)
      power_assert

PLATFORMS
  arm64-darwin-21

DEPENDENCIES
  money
  test-unit

BUNDLED WITH
   2.3.22
